PATH
  remote: .
  specs:
    protobuf_nested_struct (1.2.0)
      google-protobuf (>= 3.25.7)

GEM
  remote: https://rubygems.org/
  specs:
    ast (2.4.3)
    diff-lcs (1.6.2)
    google-protobuf (3.25.7)
    mutant (0.13.1)
      diff-lcs (~> 1.3)
      parser (~> 3.3.0)
      regexp_parser (~> 2.10)
      sorbet-runtime (~> 0.5.0)
      unparser (~> 0.7.0)
    mutant-rspec (0.13.1)
      mutant (= 0.13.1)
      rspec-core (>= 3.8.0, < 4.0.0)
    parser (3.3.8.0)
      ast (~> 2.4.1)
      racc
    racc (1.8.1)
    rake (13.2.1)
    regexp_parser (2.10.0)
    rspec (3.13.0)
      rspec-core (~> 3.13.0)
      rspec-expectations (~> 3.13.0)
      rspec-mocks (~> 3.13.0)
    rspec-core (3.13.3)
      rspec-support (~> 3.13.0)
    rspec-expectations (3.13.4)
      diff-lcs (>= 1.2.0, < 2.0)
      rspec-support (~> 3.13.0)
    rspec-mocks (3.13.4)
      diff-lcs (>= 1.2.0, < 2.0)
      rspec-support (~> 3.13.0)
    rspec-support (3.13.3)
    sorbet-runtime (0.5.12087)
    unparser (0.7.0)
      diff-lcs (~> 1.6)
      parser (>= 3.3.0)

PLATFORMS
  arm64-darwin
  x86_64-linux

DEPENDENCIES
  mutant-rspec
  protobuf_nested_struct!
  rake
  rspec

BUNDLED WITH
   2.6.9
